GEM
  specs:
    concurrent-ruby (1.1.5)
    i18n (1.7.0)
      concurrent-ruby (~> 1.0)

PLATFORMS
  ruby

DEPENDENCIES
  i18n

RUBY VERSION
   ruby 2.3.7p456

BUNDLED WITH
   2.0.2
